GEM
  remote: http://gems.ruby-china.org/
  specs:
    rack (1.6.4)
    rack-protection (1.5.3)
      rack
    redis (3.3.0)
    sinatra (1.4.7)
      rack (~> 1.5)
      rack-protection (~> 1.4)
      tilt (>= 1.3, < 3)
    tilt (2.0.5)

PLATFORMS
  ruby

DEPENDENCIES
  rack (~> 1.5)
  redis
  sinatra

BUNDLED WITH
   1.12.5
